GEM
  remote: http://rubygems.org/
  specs:
    rake (10.1.0)
    rake-version (0.4.0)
      rake (~> 10)

PLATFORMS
  ruby

DEPENDENCIES
  rake-version (~> 0.4.0)
